GEM
  remote: http://rubygems.org/
  specs:
    rack (1.4.0)
    simple_uuid (0.2.0)

PLATFORMS
  ruby

DEPENDENCIES
  rack
  simple_uuid
